GEM
  remote: https://rubygems.org/
  specs:
    ansi (1.5.0)
    builder (3.2.3)
    color_pound_spec_reporter (0.0.9)
      bundler
      minitest
      minitest-reporters (>= 0.14.24)
      rake
    minitest (5.11.3)
    minitest-reporters (1.2.0)
      ansi
      builder
      minitest (>= 5.0)
      ruby-progressbar
    rake (12.3.1)
    ruby-progressbar (1.9.0)

PLATFORMS
  ruby

DEPENDENCIES
  color_pound_spec_reporter
  minitest-reporters

BUNDLED WITH
   1.16.1
